PATH
  remote: .
  specs:
    sidekiq_heroku_autoscale (0.0.0)
      platform-api (~> 2.0)
      sidekiq (~> 5.0)

GEM
  remote: http://rubygems.org/
  specs:
    connection_pool (2.2.2)
    erubis (2.7.0)
    excon (0.71.1)
    heroics (0.0.25)
      erubis (~> 2.0)
      excon
      moneta
      multi_json (>= 1.9.2)
    moneta (1.0.0)
    multi_json (1.14.1)
    platform-api (2.2.0)
      heroics (~> 0.0.25)
      moneta (~> 1.0.0)
    rack (2.0.8)
    rack-protection (2.0.8.1)
      rack
    rb-fsevent (0.9.8)
    redcarpet (3.5.0)
    redis (4.1.3)
    sidekiq (5.2.7)
      connection_pool (~> 2.2, >= 2.2.2)
      rack (>= 1.5.0)
      rack-protection (>= 1.5.0)
      redis (>= 3.3.5, < 5)
    yard (0.9.22)

PLATFORMS
  ruby

DEPENDENCIES
  bundler (~> 2.0)
  rb-fsevent (~> 0.9.1)
  redcarpet
  sidekiq_heroku_autoscale!
  yard

BUNDLED WITH
   2.1.2
